GEM
  remote: https://rubygems.org/
  specs:
    amq-protocol (2.1.0)
    bunny (2.6.5)
      amq-protocol (>= 2.1.0)

PLATFORMS
  ruby

DEPENDENCIES
  bunny
